GEM
  remote: http://rubygems.org/
  specs:
    backports (2.6.1)
    faraday (0.8.1)
      multipart-post (~> 1.1)
    json (1.7.3)
    multi_json (1.3.6)
    multipart-post (1.1.5)
    oauth (0.4.5)
    simple_oauth (0.1.8)
    twitter (2.5.0)
      faraday (~> 0.8)
      multi_json (~> 1.3)
      simple_oauth (~> 0.1.6)

PLATFORMS
  ruby

DEPENDENCIES
  backports
  json
  oauth (= 0.4.5)
  twitter (>= 2.0)
